GEM
  remote: https://rubygems.org/
  specs:
    highline (1.6.15)
    json (1.7.5)
    point (1.0.1)
      json (>= 1.1.5)

PLATFORMS
  ruby

DEPENDENCIES
  highline
  point
